GEM
  remote: https://rubygems.org/
  specs:
    albino (1.3.3)
      posix-spawn (>= 0.3.6)
    bootstrap-sass (2.0.3.1)
    chunky_png (1.2.8)
    classifier (1.3.3)
      fast-stemmer (>= 1.0.0)
    compass (0.12.2)
      chunky_png (~> 1.2)
      fssm (>= 0.2.7)
      sass (~> 3.1)
    directory_watcher (1.4.1)
    fast-stemmer (1.0.1)
    fssm (0.2.10)
    jekyll (0.11.2)
      albino (~> 1.3)
      classifier (~> 1.3)
      directory_watcher (~> 1.1)
      kramdown (~> 0.13)
      liquid (~> 2.3)
      maruku (~> 0.5)
    jekyll-ebook (0.0.2)
      pandoc-ruby (~> 0.6.0)
    kramdown (0.14.0)
    liquid (2.4.1)
    maruku (0.6.1)
      syntax (>= 1.0.0)
    pandoc-ruby (0.6.0)
    posix-spawn (0.3.6)
    rake (10.1.0)
    sass (3.2.10)
    syntax (1.0.0)

PLATFORMS
  ruby

DEPENDENCIES
  bootstrap-sass (= 2.0.3.1)
  compass (~> 0.12.2)
  jekyll (~> 0.11.2)
  jekyll-ebook (~> 0.0.2)
  rake (~> 10.1.0)
